GEM
  remote: http://rubygems.org/
  specs:
    rack (1.5.2)
    rack-rewrite (1.5.0)
    vienna (0.4.0)
      rack (~> 1.5)

PLATFORMS
  ruby

DEPENDENCIES
  rack-rewrite
  vienna
