GEM
  remote: http://rubygems.org/
  specs:
    faraday (0.9.2)
      multipart-post (>= 1.2, < 3)
    libv8 (3.16.14.7)
    mimemagic (0.3.0)
    multipart-post (2.0.0)
    rack (1.5.2)
    rack-rewrite (1.5.0)
    ref (1.0.5)
    sendgrid-ruby (1.1.5)
      faraday (~> 0.9)
      mimemagic
      smtpapi (~> 0.1)
    smtpapi (0.1.0)
    therubyracer (0.12.1)
      libv8 (~> 3.16.14.0)
      ref
    vienna (0.4.0)
      rack (~> 1.5)

PLATFORMS
  ruby

DEPENDENCIES
  rack-rewrite
  sendgrid-ruby
  therubyracer
  vienna

BUNDLED WITH
   1.10.6
